GIT
  remote: git@github.com:awesome-print/awesome_print.git
  revision: 4564fd74721562cbef2443f7d97109bf9192343d
  specs:
    awesome_print (1.8.0)

GEM
 remote: https://rubygems.org/
  specs:
   
PLATFORMS
  ruby

DEPENDENCIES
   awesome_print!
  hashie
  octokit ('~> 2.0')
  pry
  rspec
  sinatra (= 1.4.4)

BUNDLED WITH
   2.0.1
